GEM
  remote: https://rubygems.org/
  specs:
    motion-testflight (1.5.2)
    rake (0.9.2.2)

PLATFORMS
  ruby

DEPENDENCIES
  motion-testflight
  rake
